GIT
  remote: git://github.com/karangb/hypem.git
  revision: 7b51178179f8e5cdaaa41dc730df2122ceef05d2
  specs:
    hypem (0.3.2)
      andand
      httparty
      nokogiri

GEM
  remote: http://rubygems.org/
  specs:
    andand (1.3.3)
    httparty (0.12.0)
      json (~> 1.8)
      multi_xml (>= 0.5.2)
    json (1.8.1)
    mini_portile (0.5.2)
    multi_xml (0.5.5)
    nokogiri (1.6.0)
      mini_portile (~> 0.5.0)
    rack (1.5.2)
    rack-protection (1.5.1)
      rack
    sinatra (1.4.4)
      rack (~> 1.4)
      rack-protection (~> 1.4)
      tilt (~> 1.3, >= 1.3.4)
    sinatra-cross_origin (0.2.0)
    tilt (1.4.1)

PLATFORMS
  ruby

DEPENDENCIES
  hypem!
  sinatra
  sinatra-cross_origin
